GEM
  remote: http://rubygems.org/
  specs:
    builder (3.0.0)
    capistrano (2.12.0)
      highline
      net-scp (>= 1.0.0)
      net-sftp (>= 2.0.0)
      net-ssh (>= 2.0.14)
      net-ssh-gateway (>= 1.1.0)
    diff-lcs (1.1.3)
    highline (1.6.13)
    htmlentities (4.3.0)
    json (1.6.3)
    mechanize (2.0.1)
      net-http-digest_auth (~> 1.1, >= 1.1.1)
      net-http-persistent (~> 1.8)
      nokogiri (~> 1.4)
      webrobots (~> 0.0, >= 0.0.9)
    net-http-digest_auth (1.1.1)
    net-http-persistent (1.8.1)
    net-scp (1.0.4)
      net-ssh (>= 1.99.1)
    net-sftp (2.0.5)
      net-ssh (>= 2.0.9)
    net-ssh (2.5.2)
    net-ssh-gateway (1.1.0)
      net-ssh (>= 1.99.1)
    nokogiri (1.5.0)
    rack (1.3.5)
    rack-contrib (1.1.0)
      rack (>= 0.9.1)
    rack-test (0.6.1)
      rack (>= 1.0)
    rake (0.9.2.2)
    rspec (2.7.0)
      rspec-core (~> 2.7.0)
      rspec-expectations (~> 2.7.0)
      rspec-mocks (~> 2.7.0)
    rspec-core (2.7.1)
    rspec-expectations (2.7.0)
      diff-lcs (~> 1.1.2)
    rspec-mocks (2.7.0)
    rvm-capistrano (1.2.5)
      capistrano (>= 2.0.0)
    sinatra (1.2.6)
      rack (~> 1.1)
      tilt (>= 1.2.2, < 2.0)
    tilt (1.3.3)
    tmail (1.2.7.1)
    webrobots (0.0.11)
      nokogiri (>= 1.4.4)

PLATFORMS
  ruby

DEPENDENCIES
  builder
  capistrano
  htmlentities
  json
  mechanize
  rack
  rack-contrib
  rack-test
  rake
  rspec
  rvm-capistrano
  sinatra
  tmail
